GEM
  remote: http://rubygems.org/
  specs:
    coffee-script (2.2.0)
      coffee-script-source
      execjs
    coffee-script-source (1.1.2)
    execjs (1.2.6)
      multi_json (~> 1.0)
    haml (3.1.2)
    hike (1.2.1)
    multi_json (1.0.3)
    rack (1.3.2)
    rack-test (0.6.1)
      rack (>= 1.0)
    sass (3.1.7)
    sinatra (1.2.6)
      rack (~> 1.1)
      tilt (>= 1.2.2, < 2.0)
    sprockets (2.0.0)
      hike (~> 1.2)
      rack (~> 1.0)
      tilt (!= 1.3.0, ~> 1.1)
    tilt (1.3.3)

PLATFORMS
  ruby

DEPENDENCIES
  coffee-script
  haml
  rack-test
  sass
  sinatra
  sprockets
